PATH
  remote: .
  specs:
    hasoffers (0.1.3)
      crack
      yajl-ruby

GEM
  remote: http://rubygems.org/
  specs:
    crack (0.3.1)
    rake (0.9.2)
    yajl-ruby (1.1.0)

PLATFORMS
  ruby

DEPENDENCIES
  hasoffers!
  rake
